GEM
  remote: https://rubygems.org/
  specs:
    ffi (1.17.0-arm64-darwin)
    ffi (1.17.0-x86_64-linux-gnu)
    karafka-core (2.4.7)
      karafka-rdkafka (>= 0.17.6, < 0.19.0)
    karafka-rdkafka (0.18.1)
      ffi (~> 1.15)
      mini_portile2 (~> 2.6)
      rake (> 12)
    mini_portile2 (2.8.8)
    rake (12.3.3)

PLATFORMS
  arm64-darwin-22
  x86_64-linux

DEPENDENCIES
  karafka-core (= 2.4.7)

RUBY VERSION
   ruby 3.2.0p0

BUNDLED WITH
   2.4.2
